GIT
  remote: https://github.com/ahelal/kitchen-docker_cli.git
  revision: f2c7348c52a761619581c7858789eab150864f62
  branch: quote
  specs:
    kitchen-docker_cli (0.18.0)
      test-kitchen (>= 1.3)

GEM
  remote: https://rubygems.org/
  specs:
    artifactory (2.8.2)
    backticks (1.0.0)
    diff-lcs (1.3)
    docker (0.4.0)
      backticks (~> 1.0.0)
    docker-api (1.33.6)
      excon (>= 0.38.0)
      json
    excon (0.57.1)
    json (2.0.2)
    kitchen-verifier-serverspec (0.6.8)
      net-ssh (>= 3)
      test-kitchen (~> 1.4)
    mixlib-install (2.1.12)
      artifactory
      mixlib-shellout
      mixlib-versioning
      thor
    mixlib-shellout (2.3.2)
    mixlib-versioning (1.2.2)
    multi_json (1.12.1)
    net-scp (1.2.1)
      net-ssh (>= 2.6.5)
    net-ssh (4.1.0)
    net-ssh-gateway (1.3.0)
      net-ssh (>= 2.6.5)
    net-telnet (0.1.1)
    rspec (3.6.0)
      rspec-core (~> 3.6.0)
      rspec-expectations (~> 3.6.0)
      rspec-mocks (~> 3.6.0)
    rspec-core (3.6.0)
      rspec-support (~> 3.6.0)
    rspec-expectations (3.6.0)
      diff-lcs (>= 1.2.0, < 2.0)
      rspec-support (~> 3.6.0)
    rspec-its (1.2.0)
      rspec-core (>= 3.0.0)
      rspec-expectations (>= 3.0.0)
    rspec-mocks (3.6.0)
      diff-lcs (>= 1.2.0, < 2.0)
      rspec-support (~> 3.6.0)
    rspec-support (3.6.0)
    safe_yaml (1.0.4)
    serverspec (2.39.1)
      multi_json
      rspec (~> 3.0)
      rspec-its
      specinfra (~> 2.68)
    sfl (2.3)
    specinfra (2.70.0)
      net-scp
      net-ssh (>= 2.7, < 5.0)
      net-telnet
      sfl
    test-kitchen (1.16.0)
      mixlib-install (>= 1.2, < 3.0)
      mixlib-shellout (>= 1.2, < 3.0)
      net-scp (~> 1.1)
      net-ssh (>= 2.9, < 5.0)
      net-ssh-gateway (~> 1.2)
      safe_yaml (~> 1.0)
      thor (~> 0.19, < 0.19.2)
    thor (0.19.1)

PLATFORMS
  ruby

DEPENDENCIES
  docker
  docker-api
  kitchen-docker_cli!
  kitchen-verifier-serverspec
  rspec
  serverspec

BUNDLED WITH
   1.13.6
